GEM
  remote: https://rubygems.org/
  specs:
    minitest (5.17.0)
    mustermann (3.0.0)
      ruby2_keywords (~> 0.0.1)
    rack (2.2.5)
    rack-protection (3.0.5)
      rack
    rack-test (2.0.2)
      rack (>= 1.3)
    ruby2_keywords (0.0.5)
    sinatra (3.0.5)
      mustermann (~> 3.0)
      rack (~> 2.2, >= 2.2.4)
      rack-protection (= 3.0.5)
      tilt (~> 2.0)
    tilt (2.0.11)

PLATFORMS
  ruby

DEPENDENCIES
  minitest
  rack-test
  sinatra

BUNDLED WITH
   2.1.4
